GEM
  remote: https://rubygems.org/
  specs:
    sorbet (0.5.11064)
      sorbet-static (= 0.5.11064)
    sorbet-runtime (0.5.11064)
    sorbet-static (0.5.11064-universal-darwin)
    sorbet-static-and-runtime (0.5.11064)
      sorbet (= 0.5.11064)
      sorbet-runtime (= 0.5.11064)

PLATFORMS
  ruby

DEPENDENCIES
  sorbet-runtime
  sorbet-static-and-runtime

BUNDLED WITH
   1.17.3
